NUGET
  remote: https://nuget.org/api/v2
  specs:
    Caliburn.Micro (2.0.2)
      Caliburn.Micro.Core (2.0.2)
      Callisto (1.3.1) - framework: winv4.5
      Windows.UI.Interactivity (1.3.0) - framework: winv4.5
    Caliburn.Micro.Core (2.0.2)
    Callisto (1.3.1) - framework: winv4.5
    FAKE (3.35.0)
    FSharp.Compiler.Service (0.0.89)
    FSharp.Formatting (2.9.6)
      FSharp.Compiler.Service (>= 0.0.87)
      FSharpVSPowerTools.Core (1.8.0)
    FSharpVSPowerTools.Core (1.8.0)
      FSharp.Compiler.Service (>= 0.0.87)
    Humanizer (1.36.0)
    Microsoft.Bcl (1.1.10)
      Microsoft.Bcl.Build (>= 1.0.14)
    Microsoft.Bcl.Build (1.0.21)
    Microsoft.Net.Http (2.2.29)
      Microsoft.Bcl (>= 1.1.10)
      Microsoft.Bcl.Build (>= 1.0.14)
    NUnit (2.6.4)
    NUnit.Runners (2.6.4)
    Octokit (0.12.0) - framework: winv4.5
      Microsoft.Net.Http
    SourceLink.Fake (0.5.0)
    Windows.UI.Interactivity (1.3.0) - framework: winv4.5
GITHUB
  remote: fsharp/FAKE
  specs:
    modules/Octokit/Octokit.fsx (66b3fe7bdc8f4b032982cf6a400fe7fdab4d0761)
      Octokit